GEM
  remote: https://rubygems.org/
  specs:
    jekyll-feed (0.4.0)
    jekyll-paginate (1.1.0)

PLATFORMS
  ruby

DEPENDENCIES
  jekyll-feed
  jekyll-paginate

BUNDLED WITH
   1.10.6
